NUGET
  remote: https://www.nuget.org/api/v2
  specs:
    WebSharper (3.6.10.230)
    WebSharper.Compiler (3.6.10.230)
      WebSharper (>= 3.6.10.230)
    WebSharper.UI.Next (3.6.8.204)
      WebSharper (>= 3.6.9.229)
